GEM
  remote: http://rubygems.org/
  specs:
    bson (1.7.0)
    bson_ext (1.7.0)
      bson (~> 1.7.0)
    daemons (1.1.9)
    eventmachine (1.0.0-x86-mingw32)
    haml (3.1.7)
    json (1.7.5)
    mongo (1.7.0)
      bson (~> 1.7.0)
    mongodb (2.1.0)
      mongo (~> 1.5)
    rack (1.4.1)
    rack-protection (1.2.0)
      rack
    sinatra (1.3.3)
      rack (~> 1.3, >= 1.3.6)
      rack-protection (~> 1.2)
      tilt (~> 1.3, >= 1.3.3)
    thin (1.5.0)
      daemons (>= 1.0.9)
      eventmachine (>= 0.12.6)
      rack (>= 1.0.0)
    tilt (1.3.3)

PLATFORMS
  x86-mingw32

DEPENDENCIES
  bson_ext
  haml
  json
  mongo
  mongodb
  rack
  sinatra
  thin
